PATH
  remote: .
  specs:
    tilia-xml (1.3.0)
      activesupport (>= 4.0)
      libxml-ruby (>= 2.8)
      tilia-uri (~> 1.0, >= 1.0.1.1)

GEM
  remote: https://rubygems.org/
  specs:
    activesupport (4.2.5.1)
      i18n (~> 0.7)
      json (~> 1.7, >= 1.7.7)
      minitest (~> 5.1)
      thread_safe (~> 0.3, >= 0.3.4)
      tzinfo (~> 1.1)
    ast (2.2.0)
    docile (1.1.5)
    i18n (0.7.0)
    json (1.8.3)
    libxml-ruby (2.8.0)
    minitest (5.8.1)
    parser (2.3.0.2)
      ast (~> 2.2)
    powerpack (0.1.1)
    rainbow (2.1.0)
    rake (10.4.2)
    rubocop (0.37.0)
      parser (>= 2.3.0.2, < 3.0)
      powerpack (~> 0.1)
      rainbow (>= 1.99.1, < 3.0)
      ruby-progressbar (~> 1.7)
      unicode-display_width (~> 0.3)
    ruby-progressbar (1.7.5)
    simplecov (0.10.0)
      docile (~> 1.1.0)
      json (~> 1.8)
      simplecov-html (~> 0.10.0)
    simplecov-html (0.10.0)
    thread_safe (0.3.5)
    tilia-uri (1.0.1.1)
      activesupport (>= 4.0)
    tzinfo (1.2.2)
      thread_safe (~> 0.1)
    unicode-display_width (0.3.1)
    yard (0.8.7.6)

PLATFORMS
  ruby

DEPENDENCIES
  minitest (~> 5.8)
  rake
  rubocop (~> 0.36)
  simplecov (~> 0.10)
  tilia-xml!
  yard (~> 0.8)

BUNDLED WITH
   1.10.6
